GEM
  remote: https://rubygems.org/
  specs:
    aws-sdk (2.6.44)
      aws-sdk-resources (= 2.6.44)
    aws-sdk-core (2.6.44)
      aws-sigv4 (~> 1.0)
      jmespath (~> 1.0)
    aws-sdk-resources (2.6.44)
      aws-sdk-core (= 2.6.44)
    aws-sigv4 (1.0.0)
    jmespath (1.3.1)
    rake (11.3.0)
    rubyzip (1.2.0)
    swaggerless (0.1.11)
      aws-sdk (~> 2.6)
      rubyzip

PLATFORMS
  ruby

DEPENDENCIES
  rake
  swaggerless

BUNDLED WITH
   1.13.3
